GEM
  remote: http://rubygems.org/
  specs:
    rainbow (1.1.1)

PLATFORMS
  ruby

DEPENDENCIES
  rainbow
